PATH
  remote: .
  specs:
    flipt-grpc (0.1.0)
      grpc (~> 1.0)

GEM
  remote: https://rubygems.org/
  specs:
    google-protobuf (3.9.2)
    googleapis-common-protos-types (1.0.4)
      google-protobuf (~> 3.0)
    grpc (1.24.0)
      google-protobuf (~> 3.8)
      googleapis-common-protos-types (~> 1.0)
    rake (13.0.1)

PLATFORMS
  ruby

DEPENDENCIES
  bundler (~> 1.17)
  flipt-grpc!
  rake (~> 13.0)

BUNDLED WITH
   1.17.2
