GEM
  specs:
    flipt-grpc (0.4.0)
      googleapis-common-protos (~> 1.3)
      googleapis-common-protos-types (~> 1.0)
      grpc (~> 1.0)
    google-protobuf (3.19.1-x86_64-darwin)
    googleapis-common-protos (1.3.12)
      google-protobuf (~> 3.14)
      googleapis-common-protos-types (~> 1.2)
      grpc (~> 1.27)
    googleapis-common-protos-types (1.3.0)
      google-protobuf (~> 3.14)
    grpc (1.41.1-universal-darwin)
      google-protobuf (~> 3.17)
      googleapis-common-protos-types (~> 1.0)

PLATFORMS
  ruby

DEPENDENCIES
  flipt-grpc (~> 0.4)
  grpc (~> 1.0)

BUNDLED WITH
   1.17.2
