GIT
  remote: https://github.com/markphelps/flipt-grpc-ruby
  revision: f11ff1eb162314f3fce0457f12e1ab15e72b1f93
  branch: master
  specs:
    flipt-grpc (0.4.0)
      googleapis-common-protos-types (~> 1.1)
      grpc (~> 1.0)

GEM
  specs:
    google-protobuf (3.19.1-x86_64-darwin)
    googleapis-common-protos-types (1.3.0)
      google-protobuf (~> 3.14)
    grpc (1.24.0-universal-darwin)
      google-protobuf (~> 3.8)
      googleapis-common-protos-types (~> 1.0)

PLATFORMS
  ruby

DEPENDENCIES
  flipt-grpc (~> 0.4)!

BUNDLED WITH
   1.17.2
